PATH
  remote: .
  specs:
    imforger (0.2.3)
      rake-compiler (>= 0.4.1)

GEM
  remote: https://rubygems.org/
  specs:
    rake (10.1.0)
    rake-compiler (0.9.1)
      rake

PLATFORMS
  ruby

DEPENDENCIES
  imforger!
  rake-compiler
